GEM
  specs:
    minitest (5.15.0)
    rake (13.0.6)

PLATFORMS
  ruby

DEPENDENCIES
  minitest
  rake

BUNDLED WITH
   2.1.4
